GEM
  remote: http://rubygems.org/
  specs:
    activesupport (3.2.1)
      i18n (~> 0.6)
      multi_json (~> 1.0)
    addressable (2.2.6)
    builder (3.0.0)
    eventmachine (0.12.10)
    faraday (0.7.6)
      addressable (~> 2.2)
      multipart-post (~> 1.1)
      rack (~> 1.1)
    faraday_middleware (0.7.0)
      faraday (~> 0.7.3)
    hashie (1.2.0)
    hoe (2.13.0)
      rake (~> 0.8)
    hpricot (0.8.6)
    http_parser.rb (0.5.3)
    http_parser.rb (0.5.3-x86-mingw32)
    i18n (0.6.0)
    json (1.6.5)
    mime-types (1.17.2)
    multi_json (1.0.4)
    multipart-post (1.1.4)
    rack (1.4.1)
    rake (0.9.2.2)
    rdoc (3.12)
      json (~> 1.4)
    s4t-utils (1.0.4)
      hoe (>= 1.3.0)
    simple_oauth (0.1.5)
    snitch (0.1.4)
      activesupport
      tinder
      tmail
      twitter
    tinder (1.8.0)
      activesupport (>= 2.3, < 4)
      eventmachine (~> 0.12)
      faraday (>= 0.6, < 0.8)
      faraday_middleware (>= 0.6, < 0.8)
      hashie (~> 1.0)
      mime-types (~> 1.16)
      multi_json (~> 1.0)
      multipart-post (~> 1.1)
      twitter-stream (~> 0.1)
    tmail (1.2.7.1)
    twitter (0.2.7)
      activesupport
      hpricot
    twitter-stream (0.1.14)
      eventmachine (>= 0.12.8)
      http_parser.rb (~> 0.5.1)
      simple_oauth (~> 0.1.4)
    user-choices (1.1.6.1)
      builder (>= 2.1.2)
      s4t-utils (>= 1.0.3)
      xml-simple (>= 1.0.11)
    xml-simple (1.1.1)
    xmpp4r (0.5)

PLATFORMS
  ruby
  x86-mingw32

DEPENDENCIES
  hoe
  rake
  rdoc
  s4t-utils (~> 1.0.4)
  snitch (~> 0.1.1)
  tinder (~> 1.8.0)
  twitter (~> 0.2.0)
  user-choices (~> 1.1.4)
  xmpp4r (>= 0.3.1)
