GEM
  remote: http://rubygems.org/
  specs:
    activesupport (3.2.1)
      i18n (~> 0.6)
      multi_json (~> 1.0)
    builder (3.0.0)
    hoe (2.13.0)
      rake (~> 0.8)
    hpricot (0.8.6)
    i18n (0.6.0)
    json (1.6.5)
    mime-types (1.17.2)
    multi_json (1.0.4)
    rake (0.9.2.2)
    rdoc (3.12)
      json (~> 1.4)
    s4t-utils (1.0.4)
      hoe (>= 1.3.0)
    snitch (0.1.4)
      activesupport
      tinder
      tmail
      twitter
    tinder (0.1.9)
      activesupport
      hpricot
      mime-types
    tmail (1.2.7.1)
    twitter (0.2.7)
      activesupport
      hpricot
    user-choices (1.1.6.1)
      builder (>= 2.1.2)
      s4t-utils (>= 1.0.3)
      xml-simple (>= 1.0.11)
    xml-simple (1.1.1)
    xmpp4r (0.3.2)

PLATFORMS
  ruby
  x86-mingw32

DEPENDENCIES
  hoe
  rake
  rdoc
  s4t-utils (~> 1.0.4)
  snitch (~> 0.1.1)
  tinder (~> 0.1.4)
  twitter (~> 0.2.0)
  user-choices (~> 1.1.4)
  xmpp4r (~> 0.3.1)
